GEM
  remote: https://rubygems.org/
  specs:
    connection_pool (2.2.5)
    nio4r (2.5.8)
    puma (5.5.2)
      nio4r (~> 2.0)
    rack (2.2.3)
    redis (4.5.1)
    sidekiq (6.4.0)
      connection_pool (>= 2.2.2)
      rack (~> 2.0)
      redis (>= 4.2.0)

PLATFORMS
  ruby

DEPENDENCIES
  puma
  sidekiq

BUNDLED WITH
   2.1.4
